PATH
  remote: .
  specs:
    ruby_dir (0.1.0)

GEM
  remote: https://api.rubygems.org/
  specs:

GEM
  remote: https://rubygems.org/
  specs:
    rake (10.4.2)

PLATFORMS
  ruby

DEPENDENCIES
  bundler (~> 2.0)
  rake (~> 10.0)
  ruby_dir!
