PATH
  remote: .
  specs:
    ruby_dir (0.1.1)

GEM
  remote: https://rubygems.org/
  specs:
    rake (10.4.2)

PLATFORMS
  ruby

DEPENDENCIES
  bundler (~> 2.0)
  rake (~> 10.0)
  ruby_dir!

BUNDLED WITH
   2.0.1
